PATH
  remote: .
  specs:
    rets (0.7.0.20150116133928)
      httpclient (~> 2.6)
      nokogiri (~> 1.5)

GEM
  remote: https://rubygems.org/
  specs:
    addressable (2.3.4)
    crack (0.3.2)
    hashr (0.0.22)
    hoe (3.6.2)
      rake (>= 0.8, < 11.0)
    hoe-gemspec (1.0.0)
      hoe (>= 2.2.0)
    hoe-travis (1.2)
      hoe (~> 3.0)
      travis-lint (~> 1.2)
    httpclient (2.6.0.1)
    json (1.8.0)
    metaclass (0.0.1)
    mini_portile (0.6.2)
    minitest (5.0.3)
    mocha (0.14.0)
      metaclass (~> 0.0.1)
    nokogiri (1.6.5)
      mini_portile (~> 0.6.0)
    rake (10.0.4)
    rdoc (4.0.1)
      json (~> 1.4)
    travis-lint (1.7.0)
      hashr (~> 0.0.22)
    vcr (2.2.5)
    webmock (1.8.11)
      addressable (>= 2.2.7)
      crack (>= 0.1.7)

PLATFORMS
  ruby

DEPENDENCIES
  hoe
  hoe-gemspec
  hoe-travis
  minitest
  mocha
  rdoc (~> 4.0)
  rets!
  vcr (~> 2.2)
  webmock (~> 1.8)
